GEM
  remote: https://rubygems.org/
  specs:
    activemodel (6.0.2.1)
      activesupport (= 6.0.2.1)
    activerecord (6.0.2.1)
      activemodel (= 6.0.2.1)
      activesupport (= 6.0.2.1)
    activesupport (6.0.2.1)
      concurrent-ruby (~> 1.0, >= 1.0.2)
      i18n (>= 0.7, < 2)
      minitest (~> 5.1)
      tzinfo (~> 1.1)
      zeitwerk (~> 2.2)
    addressable (2.7.0)
      public_suffix (>= 2.0.2, < 5.0)
    concurrent-ruby (1.1.6)
    crack (0.4.3)
      safe_yaml (~> 1.0.0)
    database_cleaner (1.8.3)
    factory_bot (5.1.1)
      activesupport (>= 4.2.0)
    faraday (0.15.2)
      multipart-post (>= 1.2, < 3)
    faraday_middleware (0.14.0)
      faraday (>= 0.7.4, < 1.0)
    hashdiff (1.0.0)
    i18n (1.8.2)
      concurrent-ruby (~> 1.0)
    json (2.3.0)
    minitest (5.14.0)
    multipart-post (2.0.0)
    public_suffix (4.0.3)
    rake (13.0.1)
    safe_yaml (1.0.5)
    sqlite3 (1.4.2)
    thread_safe (0.3.6)
    tzinfo (1.2.10)
      thread_safe (~> 0.1)
    webmock (3.8.2)
      addressable (>= 2.3.6)
      crack (>= 0.3.2)
      hashdiff (>= 0.4.0, < 2.0.0)
    zeitwerk (2.2.2)

PLATFORMS
  ruby

DEPENDENCIES
  activerecord
  database_cleaner
  factory_bot
  faraday
  faraday_middleware
  json
  minitest
  rake
  sqlite3
  webmock

BUNDLED WITH
   2.1.4
